GEM
  remote: https://rubygems.org/
  specs:
    activesupport (7.0.4)
      concurrent-ruby (~> 1.0, >= 1.0.2)
      i18n (>= 1.6, < 2)
      minitest (>= 5.1)
      tzinfo (~> 2.0)
    array_include_methods (1.4.0)
    axlsx_styler (1.2.0)
      activesupport (>= 3.1)
      caxlsx (>= 2.0.2, < 3.3.0)
    caxlsx (3.2.0)
      htmlentities (~> 4.3, >= 4.3.4)
      marcel (~> 1.0)
      nokogiri (~> 1.10, >= 1.10.4)
      rubyzip (>= 1.3.0, < 3)
    cgi (0.3.5)
    chunky_png (1.4.0)
    color (1.8)
    concurrent-ruby (1.1.10)
    equalizer (0.0.11)
    erb (3.0.0)
      cgi (>= 0.3.3)
    facets (3.1.0)
    glimmer (2.7.3)
      array_include_methods (~> 1.4.0)
      facets (>= 3.1.0, < 4.0.0)
    glimmer-dsl-libui (0.5.24)
      chunky_png (~> 1.4.0)
      color (~> 1.8)
      equalizer (= 0.0.11)
      glimmer (~> 2.7.3)
      libui (~> 0.0.15)
      os (>= 1.0.0, < 2.0.0)
      perfect-shape (~> 1.0.5)
      rouge (>= 3.26.0, < 4.0.0)
      super_module (~> 1.4.1)
    htmlentities (4.3.4)
    i18n (1.12.0)
      concurrent-ruby (~> 1.0)
    libui (0.0.15)
    marcel (1.0.2)
    matrix (0.4.2)
    method_source (1.0.0)
    minitest (5.16.3)
    nokogiri (1.13.9-x86_64-linux)
      racc (~> 1.4)
    os (1.1.4)
    perfect-shape (1.0.7)
      equalizer (>= 0.0.11, < 1.1.0)
      matrix (>= 0.4.2, < 1.1.0)
    racc (1.6.0)
    rouge (3.30.0)
    rubyzip (2.3.2)
    super_module (1.4.1)
      method_source (>= 0.8.2, < 1.1.0)
    tzinfo (2.0.5)
      concurrent-ruby (~> 1.0)
    wicked_pdf (2.6.3)
      activesupport
    wkhtmltopdf-binary (0.12.6.5)

PLATFORMS
  x86_64-linux

DEPENDENCIES
  axlsx_styler (~> 1.2)
  caxlsx (~> 3.2)
  erb (~> 3.0)
  glimmer-dsl-libui (~> 0.5.24)
  wicked_pdf (~> 2.6)
  wkhtmltopdf-binary (~> 0.12.6)

BUNDLED WITH
   2.3.26
