GEM
  remote: https://rubygems.org/
  specs:
    activesupport (7.0.4)
      concurrent-ruby (~> 1.0, >= 1.0.2)
      i18n (>= 1.6, < 2)
      minitest (>= 5.1)
      tzinfo (~> 2.0)
    axlsx_styler (1.2.0)
      activesupport (>= 3.1)
      caxlsx (>= 2.0.2, < 3.3.0)
    caxlsx (3.2.0)
      htmlentities (~> 4.3, >= 4.3.4)
      marcel (~> 1.0)
      nokogiri (~> 1.10, >= 1.10.4)
      rubyzip (>= 1.3.0, < 3)
    cgi (0.3.3)
    concurrent-ruby (1.1.10)
    erb (3.0.0)
      cgi (>= 0.3.3)
    htmlentities (4.3.4)
    i18n (1.12.0)
      concurrent-ruby (~> 1.0)
    marcel (1.0.2)
    minitest (5.16.3)
    nokogiri (1.13.9-x86_64-linux)
      racc (~> 1.4)
    racc (1.6.0)
    rubyzip (2.3.2)
    tzinfo (2.0.5)
      concurrent-ruby (~> 1.0)
    wicked_pdf (2.6.3)
      activesupport
    wkhtmltopdf-binary (0.12.6.5)

PLATFORMS
  x86_64-linux

DEPENDENCIES
  axlsx_styler (~> 1.2)
  caxlsx (~> 3.2)
  erb (~> 3.0)
  wicked_pdf (~> 2.6)
  wkhtmltopdf-binary (~> 0.12.6)

BUNDLED WITH
   2.3.25
